GEM
  remote: https://rubygems.org/
  specs:
    foreman (0.62.0)
      thor (>= 0.13.6)
    haml (4.0.2)
      tilt
    rack (1.5.2)
    rack-protection (1.5.0)
      rack
    sinatra (1.4.2)
      rack (~> 1.5, >= 1.5.2)
      rack-protection (~> 1.4)
      tilt (~> 1.3, >= 1.3.4)
    thor (0.18.1)
    tilt (1.3.6)

PLATFORMS
  ruby

DEPENDENCIES
  foreman
  haml
  sinatra
